GEM
  remote: https://rubygems.org/
  specs:
    activesupport (8.0.3)
      base64
      benchmark (>= 0.3)
      bigdecimal
      concurrent-ruby (~> 1.0, >= 1.3.1)
      connection_pool (>= 2.2.5)
      drb
      i18n (>= 1.6, < 2)
      logger (>= 1.4.2)
      minitest (>= 5.1)
      securerandom (>= 0.3)
      tzinfo (~> 2.0, >= 2.0.5)
      uri (>= 0.13.1)
    ast (2.4.3)
    base64 (0.3.0)
    benchmark (0.3.0)
    bigdecimal (3.2.3)
    byebug (11.1.3)
    coderay (1.1.3)
    concurrent-ruby (1.3.5)
    connection_pool (2.5.4)
    drb (2.2.3)
    i18n (1.14.7)
      concurrent-ruby (~> 1.0)
    json (2.7.6)
    language_server-protocol (3.17.0.5)
    lint_roller (1.1.0)
    logger (1.7.0)
    method_source (1.1.0)
    minitest (5.25.5)
    parallel (1.24.0)
    parser (3.3.9.0)
      ast (~> 2.4.1)
      racc
    peppermint (0.1.19)
      pry-byebug (~> 3.10)
      rake (~> 13.2)
      rdoc (~> 6.7)
      rubocop (~> 1.69)
      rubocop-rake (~> 0.6)
      ruby-lsp (~> 0.22)
      standard (~> 1.43)
      standard-rails (~> 1.2)
      yard (~> 0.9)
    prism (1.5.1)
    pry (0.14.2)
      coderay (~> 1.1)
      method_source (~> 1.0)
    pry-byebug (3.10.1)
      byebug (~> 11.0)
      pry (>= 0.13, < 0.15)
    psych (5.1.2)
      stringio
    racc (1.7.3)
    rack (3.2.1)
    rainbow (3.1.1)
    rake (13.2.1)
    rbs (3.0.4)
    rdoc (6.7.0)
      psych (>= 4.0.0)
    regexp_parser (2.9.3)
    rubocop (1.75.8)
      json (~> 2.3)
      language_server-protocol (~> 3.17.0.2)
      lint_roller (~> 1.1.0)
      parallel (~> 1.10)
      parser (>= 3.3.0.2)
      rainbow (>= 2.2.2, < 4.0)
      regexp_parser (>= 2.9.3, < 3.0)
      rubocop-ast (>= 1.44.0, < 2.0)
      ruby-progressbar (~> 1.7)
      unicode-display_width (>= 2.4.0, < 4.0)
    rubocop-ast (1.44.1)
      parser (>= 3.3.7.2)
      prism (~> 1.4)
    rubocop-performance (1.24.0)
      lint_roller (~> 1.1)
      rubocop (>= 1.72.1, < 2.0)
      rubocop-ast (>= 1.38.0, < 2.0)
    rubocop-rails (2.31.0)
      activesupport (>= 4.2.0)
      lint_roller (~> 1.1)
      rack (>= 1.1)
      rubocop (>= 1.75.0, < 2.0)
      rubocop-ast (>= 1.38.0, < 2.0)
    rubocop-rake (0.6.0)
      rubocop (~> 1.0)
    ruby-lsp (0.26.1)
      language_server-protocol (~> 3.17.0)
      prism (>= 1.2, < 2.0)
      rbs (>= 3, < 5)
    ruby-progressbar (1.13.0)
    securerandom (0.4.1)
    standard (1.48.0)
      language_server-protocol (~> 3.17.0.2)
      lint_roller (~> 1.0)
      rubocop (~> 1.75.2)
      standard-custom (~> 1.0.0)
      standard-performance (~> 1.7)
    standard-custom (1.0.2)
      lint_roller (~> 1.0)
      rubocop (~> 1.50)
    standard-performance (1.7.0)
      lint_roller (~> 1.1)
      rubocop-performance (~> 1.24.0)
    standard-rails (1.4.0)
      lint_roller (~> 1.0)
      rubocop-rails (~> 2.31.0)
    stringio (3.1.7)
    tzinfo (2.0.6)
      concurrent-ruby (~> 1.0)
    unicode-display_width (2.5.0)
    uri (1.0.3)
    yard (0.9.37)

PLATFORMS
  aarch64-linux
  arm-linux
  arm64-darwin
  x86-linux
  x86_64-darwin
  x86_64-linux

DEPENDENCIES
  peppermint (~> 0.1.10)

BUNDLED WITH
   2.5.10
